PATH
  remote: .
  specs:
    defender (2.0.2)
      activemodel (>= 3.0.0)
      defensio (~> 0.9.1)

GEM
  remote: http://rubygems.org/
  specs:
    activemodel (3.1.3)
      activesupport (= 3.1.3)
      builder (~> 3.0.0)
      i18n (~> 0.6)
    activesupport (3.1.3)
      multi_json (~> 1.0)
    builder (3.0.0)
    defensio (0.9.1)
      httparty (>= 0.5.0)
    diff-lcs (1.1.3)
    httparty (0.8.1)
      multi_json
      multi_xml
    i18n (0.6.0)
    multi_json (1.0.3)
    multi_xml (0.4.1)
    rake (0.9.2.2)
    rspec (2.7.0)
      rspec-core (~> 2.7.0)
      rspec-expectations (~> 2.7.0)
      rspec-mocks (~> 2.7.0)
    rspec-core (2.7.1)
    rspec-expectations (2.7.0)
      diff-lcs (~> 1.1.2)
    rspec-mocks (2.7.0)
    watchr (0.7)

PLATFORMS
  ruby

DEPENDENCIES
  bundler
  defender!
  rake
  rspec (~> 2.7)
  watchr (~> 0.7)
